PATH
  remote: .
  specs:
    intuit-oauth (1.0.2)
      httparty (~> 0.15.4)
      json (~> 1.8.6)
      rsa-pem-from-mod-exp (~> 0.1.0)

GEM
  remote: https://rubygems.org/
  specs:
    addressable (2.7.0)
      public_suffix (>= 2.0.2, < 5.0)
    backports (3.20.2)
    diff-lcs (1.3)
    httparty (0.15.7)
      multi_xml (>= 0.5.2)
    json (1.8.6)
    multi_xml (0.6.0)
    public_suffix (4.0.6)
    rake (11.3.0)
    rdoc (6.2.0)
    rsa-pem-from-mod-exp (0.1.0)
    rspec (3.8.0)
      rspec-core (~> 3.8.0)
      rspec-expectations (~> 3.8.0)
      rspec-mocks (~> 3.8.0)
    rspec-core (3.8.0)
      rspec-support (~> 3.8.0)
    rspec-expectations (3.8.2)
      diff-lcs (>= 1.2.0, < 2.0)
      rspec-support (~> 3.8.0)
    rspec-mocks (3.8.0)
      diff-lcs (>= 1.2.0, < 2.0)
      rspec-support (~> 3.8.0)
    rspec-support (3.8.0)
    wwtd (0.9.1)

PLATFORMS
  ruby

DEPENDENCIES
  addressable (~> 2.3)
  backports (~> 3.11)
  bundler (~> 1.16)
  intuit-oauth!
  rake (~> 11.0)
  rdoc (>= 5.0, < 7)
  rspec (~> 3.0)
  wwtd (~> 0)

BUNDLED WITH
   1.17.3
